GIT
  remote: https://github.com/rack/rack.git
  revision: 7b860cee1c970e3f30f29daaa2ba3cb8924b0b44
  specs:
    rack (2.2.0)

GEM
  remote: https://rubygems.org/
  specs:
    activesupport (6.0.2.1)
      concurrent-ruby (~> 1.0, >= 1.0.2)
      i18n (>= 0.7, < 2)
      minitest (~> 5.1)
      tzinfo (~> 1.1)
      zeitwerk (~> 2.2)
    ansi (1.5.0)
    anyway_config (2.0.0.pre)
    async (1.24.1)
      console (~> 1.0)
      nio4r (~> 2.3)
      timers (~> 4.1)
    async-container (0.14.1)
      async (~> 1.0)
      async-io (~> 1.4)
      process-group
    async-http (0.50.0)
      async (~> 1.23)
      async-io (~> 1.27.0)
      async-pool (~> 0.2)
      protocol-http (~> 0.13.0)
      protocol-http1 (~> 0.10.0)
      protocol-http2 (~> 0.10.0)
    async-io (1.27.1)
      async (~> 1.14)
    async-pool (0.2.0)
      async (~> 1.8)
    async-websocket (0.13.1)
      async-http (~> 0.43)
      async-io (~> 1.23)
      protocol-websocket (~> 0.7.0)
    async_cable (0.2.2)
      activesupport
      anyway_config
      async-websocket
      null-logger
    build-environment (1.12.1)
    builder (3.2.4)
    byebug (11.0.1)
    concurrent-ruby (1.1.5)
    console (1.7.0)
    event_emitter (0.2.6)
    falcon (0.34.5)
      async (~> 1.13)
      async-container (~> 0.14.0)
      async-http (~> 0.50.0)
      async-io (~> 1.22)
      build-environment (~> 1.11)
      localhost (~> 1.1)
      rack (>= 1.0)
      samovar (~> 2.1)
    ffi (1.11.3)
    httparty (0.17.3)
      mime-types (~> 3.0)
      multi_xml (>= 0.5.2)
    i18n (1.7.1)
      concurrent-ruby (~> 1.0)
    jsonapi-deserializable (0.2.0)
    jsonapi-rb (0.5.0)
      jsonapi-deserializable (~> 0.2.0)
      jsonapi-serializable (~> 0.3.0)
    jsonapi-renderer (0.2.2)
    jsonapi-serializable (0.3.1)
      jsonapi-renderer (~> 0.2.0)
    libvirt_async (0.2.1)
      activesupport
      async (~> 1.24)
      ruby-libvirt (~> 0.7)
    localhost (1.1.6)
    mapping (1.1.1)
    mime-types (3.3.1)
      mime-types-data (~> 3.2015)
    mime-types-data (3.2019.1009)
    minitest (5.13.0)
    minitest-reporters (1.4.2)
      ansi
      builder
      minitest (>= 5.0)
      ruby-progressbar
    multi_xml (0.6.0)
    nio4r (2.5.2)
    null-logger (0.1.5)
    process-group (1.2.1)
      process-terminal (~> 0.2.0)
    process-terminal (0.2.0)
      ffi
    protocol-hpack (1.4.1)
    protocol-http (0.13.0)
    protocol-http1 (0.10.0)
      protocol-http (~> 0.13)
    protocol-http2 (0.10.4)
      protocol-hpack (~> 1.4)
      protocol-http (~> 0.2)
    protocol-websocket (0.7.4)
      protocol-http (~> 0.2)
      protocol-http1 (~> 0.2)
    rack-contrib (2.1.0)
      rack (~> 2.0)
    rack-protection (2.0.8.1)
      rack
    rack-test (1.1.0)
      rack (>= 1.0, < 3)
    rack_router (0.1.1)
      rack
    rake (12.3.0)
    rubanok (0.2.1)
    ruby-libvirt (0.7.2.pre.streamfix)
    ruby-progressbar (1.10.1)
    samovar (2.1.2)
      console (~> 1.0)
      mapping (~> 1.0)
    thread_safe (0.3.6)
    timers (4.3.0)
    tzinfo (1.2.6)
      thread_safe (~> 0.1)
    websocket (1.2.8)
    websocket-client-simple (0.3.0)
      event_emitter
      websocket
    zeitwerk (2.2.2)

PLATFORMS
  ruby

DEPENDENCIES
  activesupport
  anyway_config (= 2.0.0.pre)
  async_cable
  byebug
  falcon
  httparty
  jsonapi-rb
  libvirt_async (~> 0.1)
  minitest
  minitest-reporters
  rack!
  rack-contrib
  rack-protection
  rack-test
  rack_router
  rake
  rubanok
  ruby-libvirt (= 0.7.2.pre.streamfix)
  websocket-client-simple

RUBY VERSION
   ruby 2.5.7p206

BUNDLED WITH
   2.1.2
